GEM
  remote: http://rubygems.org/
  specs:
    bio (1.4.1)
    ffi (1.0.5)
      rake (>= 0.8.7)
    git (1.2.5)
    jeweler (1.5.2)
      bundler (~> 1.0.0)
      git (>= 1.2.5)
      rake
    rake (0.8.7)
    rcov (0.9.9)
    shoulda (2.11.3)

PLATFORMS
  ruby

DEPENDENCIES
  bio (>= 1.4.1)
  bundler (~> 1.0.0)
  ffi (>= 1.0.5)
  jeweler (~> 1.5.2)
  rcov
  shoulda
